NUGET
  remote: https://nuget.org/api/v2
  specs:
    EntityFramework (6.0.2)
    FAKE (3.18.0)
    Foq (1.7)
    FSharp.Compiler.Service (0.0.85)
    FSharp.Core (3.1.2.1)
    FSharp.Formatting (2.6.3)
      FSharp.Compiler.Service (>= 0.0.81)
    FsUnit (1.3.0.1)
      NUnit (>= 2.6.3)
    Microsoft.AspNet.Identity.Core (1.0.0)
    Microsoft.AspNet.Identity.EntityFramework (1.0.0)
      EntityFramework (>= 6.0.0)
      Microsoft.AspNet.Identity.Core (>= 1.0.0)
    NUnit (2.6.3)
    NUnit.Runners (2.6.4)
    Unquote (2.2.2)
    Yaaf.AdvancedBuilding (0.3.1)
      FAKE (>= 3.17.13)
      FSharp.Compiler.Service (>= 0.0.82)
      FSharp.Formatting (>= 2.6.3)
